GEM
  remote: https://rubygems.org/
  specs:
    sass (3.2.8)

PLATFORMS
  ruby

DEPENDENCIES
  sass (= 3.2.8)

BUNDLED WITH
   1.11.2
